PATH
  remote: .
  specs:
    docker_toolkit (0.2.0)
      aggkit

GEM
  remote: https://rubygems.org/
  specs:
    aggkit (0.4.0.9107)
      diplomat
      dotenv
      json
      tty-tree
    awesome_print (1.8.0)
    diff-lcs (1.3)
    diplomat (2.0.5)
      faraday (~> 0.9)
    dotenv (2.7.1)
    faraday (0.15.4)
      multipart-post (>= 1.2, < 3)
    json (2.2.0)
    multipart-post (2.0.0)
    rake (10.5.0)
    rspec (3.8.0)
      rspec-core (~> 3.8.0)
      rspec-expectations (~> 3.8.0)
      rspec-mocks (~> 3.8.0)
    rspec-core (3.8.0)
      rspec-support (~> 3.8.0)
    rspec-expectations (3.8.1)
      diff-lcs (>= 1.2.0, < 2.0)
      rspec-support (~> 3.8.0)
    rspec-mocks (3.8.0)
      diff-lcs (>= 1.2.0, < 2.0)
      rspec-support (~> 3.8.0)
    rspec-retry (0.6.1)
      rspec-core (> 3.3)
    rspec-set (0.1.3)
    rspec-support (3.8.0)
    tty-tree (0.2.0)

PLATFORMS
  ruby

DEPENDENCIES
  awesome_print
  bundler (~> 1.14)
  docker_toolkit!
  rake (~> 10.0)
  rspec
  rspec-retry
  rspec-set

BUNDLED WITH
   1.16.2
